GEM
  remote: https://rubygems.org/
  specs:
    aws-sdk (1.38.0)
      json (~> 1.4)
      nokogiri (>= 1.4.4)
      uuidtools (~> 2.1)
    aws-sdk-core (2.0.41)
      builder (~> 3.0)
      jmespath (~> 1.0)
      multi_json (~> 1.0)
    builder (3.2.2)
    celluloid (0.16.0)
      timers (~> 4.0.0)
    cloudconvert (0.0.4)
      faraday
      json
    faraday (0.9.0)
      multipart-post (>= 1.2, < 3)
    hitimes (1.2.2)
    jmespath (1.0.2)
      multi_json (~> 1.0)
    jsmin (1.0.1)
    json (1.8.1)
    math (0.0.1)
    mini_portile (0.5.3)
    multi_json (1.10.1)
    multipart-post (2.0.0)
    nokogiri (1.6.1)
      mini_portile (~> 0.5.0)
    pg (0.17.1)
    rack (1.5.2)
    rack-protection (1.5.3)
      rack
    rack-test (0.6.2)
      rack (>= 1.0)
    rasem (0.6.1)
    sequel (4.9.0)
    shoryuken (1.0.2)
      aws-sdk-core (~> 2.0.21)
      celluloid (~> 0.16.0)
    sinatra (1.4.5)
      rack (~> 1.4)
      rack-protection (~> 1.4)
      tilt (~> 1.3, >= 1.3.4)
    sinatra-assetpack (0.3.2)
      jsmin
      rack-test
      sinatra
      tilt (>= 1.3.0, < 2.0)
    sinatra-sequel (0.9.0)
      sequel (>= 3.2.0)
      sinatra (>= 0.9.4)
    slim (2.0.2)
      temple (~> 0.6.6)
      tilt (>= 1.3.3, < 2.1)
    sqlite3 (1.3.9)
    temple (0.6.7)
    tilt (1.4.1)
    timers (4.0.1)
      hitimes
    uuidtools (2.1.4)

PLATFORMS
  ruby

DEPENDENCIES
  aws-sdk
  cloudconvert
  math
  nokogiri
  pg
  rasem
  shoryuken
  sinatra
  sinatra-assetpack
  sinatra-sequel
  slim
  sqlite3
